RESTRICTION: || (== net8.0) (== netstandard2.1)
NUGET
  remote: https://www.nuget.org/api/v2
    FsCheck (3.1)
      FSharp.Core (>= 5.0.2)
    FSharp.Core (9.0.101)
    Microsoft.Extensions.DependencyInjection.Abstractions (9.0.1)
    Microsoft.Extensions.Logging.Abstractions (9.0.1)
      Microsoft.Extensions.DependencyInjection.Abstractions (>= 9.0.1)
      System.Buffers (>= 4.5.1) - restriction: || (&& (== net8.0) (>= net462)) (== netstandard2.1)
      System.Diagnostics.DiagnosticSource (>= 9.0.1)
      System.Memory (>= 4.5.5) - restriction: || (&& (== net8.0) (>= net462)) (== netstandard2.1)
    Microsoft.NETCore.Platforms (7.0.4)
    System.Buffers (4.6) - restriction: || (&& (== net8.0) (>= net462)) (== netstandard2.1)
    System.Diagnostics.DiagnosticSource (9.0.1)
      System.Memory (>= 4.5.5) - restriction: || (&& (== net8.0) (>= net462)) (== netstandard2.1)
      System.Runtime.CompilerServices.Unsafe (>= 6.0) - restriction: || (&& (== net8.0) (>= net462)) (== netstandard2.1)
    System.Memory (4.6) - restriction: || (&& (== net8.0) (>= net462)) (== netstandard2.1)
      System.Buffers (>= 4.6) - restriction: || (&& (== net8.0) (>= net462)) (&& (== net8.0) (< netcoreapp2.1)) (== netstandard2.1)
      System.Numerics.Vectors (>= 4.6) - restriction: || (&& (== net8.0) (>= net462)) (&& (== net8.0) (< netcoreapp2.1)) (== netstandard2.1)
      System.Runtime.CompilerServices.Unsafe (>= 6.1) - restriction: || (&& (== net8.0) (>= net462)) (&& (== net8.0) (< netcoreapp2.1)) (== netstandard2.1)
    System.Numerics.Vectors (4.6) - restriction: || (&& (== net8.0) (>= net462)) (== netstandard2.1)
    System.Runtime.CompilerServices.Unsafe (6.1) - restriction: || (&& (== net8.0) (>= net462)) (== netstandard2.1)

GROUP specs
RESTRICTION: == net8.0
NUGET
  remote: https://www.nuget.org/api/v2
    Bogus (35.6.1)
    Castle.Core (5.1.1)
      System.Diagnostics.EventLog (>= 6.0)
    coverlet.collector (6.0.4)
    FluentAssertions (8.0.1)
    FsCheck (3.1)
      FSharp.Core (>= 5.0.2)
    FsCheck.Xunit (3.1)
      FsCheck (3.1)
      FSharp.Core (>= 5.0.2)
      xunit.extensibility.execution (>= 2.4.1 < 3.0)
    FSharp.Core (9.0.101)
    Microsoft.CodeCoverage (17.12)
    Microsoft.NET.Test.Sdk (17.12)
      Microsoft.CodeCoverage (>= 17.12)
      Microsoft.TestPlatform.TestHost (>= 17.12)
    Microsoft.NETCore.Platforms (7.0.4)
    Microsoft.TestPlatform.ObjectModel (17.12)
      System.Reflection.Metadata (>= 1.6)
    Microsoft.TestPlatform.TestHost (17.12)
      Microsoft.TestPlatform.ObjectModel (>= 17.12)
      Newtonsoft.Json (>= 13.0.1)
    Moq (4.20.72)
      Castle.Core (>= 5.1.1)
    Newtonsoft.Json (13.0.3)
    System.Collections.Immutable (9.0.1)
    System.Diagnostics.EventLog (9.0.1)
    System.Reflection.Metadata (9.0.1)
      System.Collections.Immutable (>= 9.0.1)
    WaffleGenerator (4.2.2)
    WaffleGenerator.Bogus (4.2.2)
      Bogus (>= 35.6.1)
      WaffleGenerator (>= 4.2.2)
    xunit (2.9.3)
      xunit.analyzers (>= 1.18)
      xunit.assert (>= 2.9.3)
      xunit.core (2.9.3)
    xunit.abstractions (2.0.3)
    xunit.analyzers (1.19)
    xunit.assert (2.9.3)
    xunit.core (2.9.3)
      xunit.extensibility.core (2.9.3)
      xunit.extensibility.execution (2.9.3)
    xunit.extensibility.core (2.9.3)
      xunit.abstractions (>= 2.0.3)
    xunit.extensibility.execution (2.9.3)
      xunit.extensibility.core (2.9.3)
    xunit.runner.visualstudio (3.0.1)
