RESTRICTION: == netstandard2.0
NUGET
  remote: https://www.nuget.org/api/v2
    FsCheck (3.0.0-rc1)
      FSharp.Core (>= 5.0.2)
    FSharp.Core (5.0.2)
    Microsoft.NETCore.Platforms (7.0.4)

GROUP specs
RESTRICTION: == net6.0
NUGET
  remote: https://www.nuget.org/api/v2
    Bogus (33.1.1)
    coverlet.collector (1.0.1)
    FluentAssertions (6.2)
      System.Configuration.ConfigurationManager (>= 4.4)
    FsCheck (3.0.0-rc1)
      FSharp.Core (>= 5.0.2)
    FsCheck.Xunit (3.0.0-rc1)
      FsCheck (3.0.0-rc1)
      xunit.extensibility.execution (>= 2.4.1 < 2.5)
    FSharp.Core (8.0.101)
    Microsoft.CodeCoverage (17.8)
    Microsoft.NET.Test.Sdk (16.9.4)
      Microsoft.CodeCoverage (>= 16.9.4)
      Microsoft.TestPlatform.TestHost (>= 16.9.4)
    Microsoft.NETCore.Platforms (7.0.4)
    Microsoft.TestPlatform.ObjectModel (17.8)
      NuGet.Frameworks (>= 6.5)
      System.Reflection.Metadata (>= 1.6)
    Microsoft.TestPlatform.TestHost (17.8)
      Microsoft.TestPlatform.ObjectModel (>= 17.8)
      Newtonsoft.Json (>= 13.0.1)
    NETStandard.Library (2.0.3)
      Microsoft.NETCore.Platforms (>= 1.1)
    Newtonsoft.Json (13.0.3)
    NuGet.Frameworks (6.8)
    System.Collections.Immutable (8.0)
      System.Runtime.CompilerServices.Unsafe (>= 6.0)
    System.Configuration.ConfigurationManager (8.0)
      System.Security.Cryptography.ProtectedData (>= 8.0)
    System.Reflection.Metadata (8.0)
      System.Collections.Immutable (>= 8.0)
    System.Runtime.CompilerServices.Unsafe (6.0)
    System.Security.Cryptography.ProtectedData (8.0)
    WaffleGenerator (4.2.1)
    WaffleGenerator.Bogus (4.2.1)
      Bogus (>= 33.0.2)
      WaffleGenerator (>= 4.2.1)
    xunit (2.4.1)
      xunit.analyzers (>= 0.10)
      xunit.assert (2.4.1)
      xunit.core (2.4.1)
    xunit.abstractions (2.0.3)
    xunit.analyzers (1.9)
    xunit.assert (2.4.1)
      NETStandard.Library (>= 1.6.1)
    xunit.core (2.4.1)
      xunit.extensibility.core (2.4.1)
      xunit.extensibility.execution (2.4.1)
    xunit.extensibility.core (2.4.1)
      NETStandard.Library (>= 1.6.1)
      xunit.abstractions (>= 2.0.3)
    xunit.extensibility.execution (2.4.1)
      NETStandard.Library (>= 1.6.1)
      xunit.extensibility.core (2.4.1)
    xunit.runner.visualstudio (2.4.3)
